GEM
  remote: https://rubygems.org/
  specs:
    ast (2.1.0)
    binding_of_caller (0.7.2)
      debug_inspector (>= 0.0.1)
    colorize (0.7.7)
    debug_inspector (0.0.2)
    diff-lcs (1.2.5)
    ffi (1.9.10)
    ffi-compiler (0.1.3)
      ffi (>= 1.0.0)
      rake
    hotwater (0.1.2)
      ffi
      ffi-compiler
      rake
    parser (2.2.3.0)
      ast (>= 1.1, < 3.0)
    rake (10.4.2)
    rspec (3.3.0)
      rspec-core (~> 3.3.0)
      rspec-expectations (~> 3.3.0)
      rspec-mocks (~> 3.3.0)
    rspec-core (3.3.2)
      rspec-support (~> 3.3.0)
    rspec-expectations (3.3.1)
      diff-lcs (>= 1.2.0, < 2.0)
      rspec-support (~> 3.3.0)
    rspec-mocks (3.3.2)
      diff-lcs (>= 1.2.0, < 2.0)
      rspec-support (~> 3.3.0)
    rspec-support (3.3.0)

PLATFORMS
  ruby

DEPENDENCIES
  binding_of_caller
  colorize
  hotwater
  parser
  rspec

BUNDLED WITH
   1.10.6
